NUGET
  remote: http://nuget.org/api/v2
  specs:
    FAKE (4.7.3)
    NuGet.CommandLine (2.8.6)

GROUP Test
FRAMEWORK: >= NET45
NUGET
  remote: http://nuget.org/api/v2
  specs:
    FsCheck (2.2.0)
      FSharp.Core (>= 3.1.2.5 < 3.1.3)
    FsCheck.Xunit (2.2.0)
      FsCheck (>= 2.2.0)
      xunit.extensibility.execution (>= 2.1.0 < 2.2.0)
    FSharp.Core (3.1.2.5) - redirects: on
    Unquote (3.1.0)
    xunit (2.1.0)
      xunit.assert (2.1.0)
      xunit.core (2.1.0)
    xunit.abstractions (2.0.0)
    xunit.assert (2.1.0)
    xunit.core (2.1.0)
      xunit.extensibility.core (2.1.0) - framework: dnx451, dnxcore50, monoandroid, monotouch, xamarinios, winv4.5, wpv8.0, portable-net45+win80+wp80+wpa81, >= net45
      xunit.extensibility.execution (2.1.0) - framework: dnx451, dnxcore50, monoandroid, monotouch, xamarinios, winv4.5, wpv8.0, portable-net45+win80+wp80+wpa81, >= net45
    xunit.extensibility.core (2.1.0)
      xunit.abstractions (2.0.0)
    xunit.extensibility.execution (2.1.0)
      xunit.extensibility.core (2.1.0) - framework: dnx451, dnxcore50, monoandroid, monotouch, xamarinios, winv4.5, wpv8.0, >= net45
    xunit.runner.console (2.1.0)
