

GROUP Build
NUGET
  remote: http://www.nuget.org/api/v2
  specs:
    FAKE (4.10.5)
GITHUB
  remote: xyncro/build
  specs:
    build.fsx (1ef06d448999e0c0a04b8a35948a5afccfdbfbec)
GROUP Test
FRAMEWORK: >= NET45
NUGET
  remote: http://www.nuget.org/api/v2
  specs:
    FsCheck (2.2.3)
      FSharp.Core (>= 3.1.2.5)
    FsCheck.Xunit (2.2.3)
      FsCheck (>= 2.2.3)
      xunit.extensibility.execution (>= 2.1.0 < 2.2.0)
    FSharp.Core (4.0.0.1)
    Unquote (3.1.0)
    xunit (2.1.0)
      xunit.assert (2.1.0)
      xunit.core (2.1.0)
    xunit.abstractions (2.0.0)
    xunit.assert (2.1.0)
    xunit.core (2.1.0)
      xunit.extensibility.core (2.1.0)
      xunit.extensibility.execution (2.1.0)
    xunit.extensibility.core (2.1.0)
      xunit.abstractions (2.0.0)
    xunit.extensibility.execution (2.1.0)
      xunit.extensibility.core (2.1.0)
    xunit.runner.console (2.1.0)
