NUGET
  remote: http://nuget.org/api/v2
  specs:
    FAKE (3.8.5)
    NuGet.CommandLine (2.8.3)
    NUnit (2.6.4)
    Unquote (3.0.0)
