NUGET
  remote: http://nuget.org/api/v2
  specs:
    FAKE (3.5.4)
    NuGet.CommandLine (2.8.2)
    NUnit (2.6.3)
    Unquote (2.2.2)
